GEM
  remote: https://rubygems.org/
  specs:
    builder (3.3.0)
    coderay (1.1.3)
    geo_coord (0.2.0)
    method_source (1.1.0)
    pry (0.14.2)
      coderay (~> 1.1)
      method_source (~> 1.0)
    titleize (1.4.1)

PLATFORMS
  ruby
  x86_64-darwin-22

DEPENDENCIES
  builder
  geo_coord
  pry
  titleize

BUNDLED WITH
   2.5.3
